GEM
  remote: https://rubygems.org/
  specs:
    actionmailer (3.2.0.rc1)
      actionpack (= 3.2.0.rc1)
      mail (~> 2.3.0)
    actionpack (3.2.0.rc1)
      activemodel (= 3.2.0.rc1)
      activesupport (= 3.2.0.rc1)
      builder (~> 3.0.0)
      erubis (~> 2.7.0)
      i18n (~> 0.6)
      journey (~> 1.0.0.rc1)
      rack (~> 1.3.5)
      rack-cache (~> 1.1)
      rack-test (~> 0.6.1)
      sprockets (~> 2.1.2)
    activemodel (3.2.0.rc1)
      activesupport (= 3.2.0.rc1)
      builder (~> 3.0.0)
      i18n (~> 0.6)
    activerecord (3.2.0.rc1)
      activemodel (= 3.2.0.rc1)
      activesupport (= 3.2.0.rc1)
      arel (~> 3.0.0.rc1)
      tzinfo (~> 0.3.29)
    activeresource (3.2.0.rc1)
      activemodel (= 3.2.0.rc1)
      activesupport (= 3.2.0.rc1)
    activesupport (3.2.0.rc1)
      i18n (~> 0.6)
      multi_json (~> 1.0)
    arel (3.0.0.rc1)
    bson (1.5.2)
    bson_ext (1.5.2)
      bson (= 1.5.2)
    builder (3.0.0)
    coffee-rails (3.2.0)
      coffee-script (>= 2.2.0)
      railties (~> 3.2.0.beta)
    coffee-script (2.2.0)
      coffee-script-source
      execjs
    coffee-script-source (1.2.0)
    erubis (2.7.0)
    execjs (1.2.13)
      multi_json (~> 1.0)
    hike (1.2.1)
    i18n (0.6.0)
    journey (1.0.0.rc4)
    jquery-rails (2.0.0)
      railties (>= 3.2.0.beta, < 5.0)
      thor (~> 0.14)
    json (1.6.4)
    kgio (2.7.0)
    mail (2.3.0)
      i18n (>= 0.4.0)
      mime-types (~> 1.16)
      treetop (~> 1.4.8)
    mime-types (1.17.2)
    mongo (1.5.2)
      bson (= 1.5.2)
    mongoid (2.3.4)
      activemodel (~> 3.1)
      mongo (~> 1.3)
      tzinfo (~> 0.3.22)
    multi_json (1.0.4)
    mysql2 (0.3.11)
    polyglot (0.3.3)
    rack (1.3.6)
    rack-cache (1.1)
      rack (>= 0.4)
    rack-ssl (1.3.2)
      rack
    rack-test (0.6.1)
      rack (>= 1.0)
    rails (3.2.0.rc1)
      actionmailer (= 3.2.0.rc1)
      actionpack (= 3.2.0.rc1)
      activerecord (= 3.2.0.rc1)
      activeresource (= 3.2.0.rc1)
      activesupport (= 3.2.0.rc1)
      bundler (~> 1.0)
      railties (= 3.2.0.rc1)
    railties (3.2.0.rc1)
      actionpack (= 3.2.0.rc1)
      activesupport (= 3.2.0.rc1)
      rack-ssl (~> 1.3.2)
      rake (>= 0.8.7)
      rdoc (~> 3.4)
      thor (~> 0.14.6)
    raindrops (0.8.0)
    rake (0.9.2.2)
    rdoc (3.12)
      json (~> 1.4)
    sass (3.1.12)
    sass-rails (3.2.2)
      railties (~> 3.2.0.beta)
      sass (>= 3.1.10)
      tilt (~> 1.3)
    sprockets (2.1.2)
      hike (~> 1.2)
      rack (~> 1.0)
      tilt (~> 1.1, != 1.3.0)
    thor (0.14.6)
    tilt (1.3.3)
    treetop (1.4.10)
      polyglot
      polyglot (>= 0.3.1)
    tzinfo (0.3.31)
    uglifier (1.2.1)
      execjs (>= 0.3.0)
      multi_json (>= 1.0.2)
    unicorn (4.1.1)
      kgio (~> 2.4)
      rack
      raindrops (~> 0.6)

PLATFORMS
  ruby

DEPENDENCIES
  bson_ext
  coffee-rails (~> 3.2.0)
  jquery-rails
  mongoid
  mysql2
  rails (= 3.2.0.rc1)
  sass-rails (~> 3.2.0)
  uglifier (>= 1.0.3)
  unicorn
